GEM
  remote: http://rubygems.org/
  specs:
    actionmailer (2.3.8)
      actionpack (= 2.3.8)
    actionpack (2.3.8)
      activesupport (= 2.3.8)
      rack (~> 1.1.0)
    activerecord (2.3.8)
      activesupport (= 2.3.8)
    activeresource (2.3.8)
      activesupport (= 2.3.8)
    activesupport (2.3.8)
    fastercsv (1.5.4)
    hoe (2.9.1)
      rake (>= 0.8.7)
    mysql (2.8.1)
    paginator (1.1.1)
      hoe (>= 1.6.0)
    rack (1.1.0)
    rails (2.3.8)
      actionmailer (= 2.3.8)
      actionpack (= 2.3.8)
      activerecord (= 2.3.8)
      activeresource (= 2.3.8)
      activesupport (= 2.3.8)
      rake (>= 0.8.3)
    rake (0.8.7)
    rmagick (2.11.0)
    will_paginate (2.3.15)

PLATFORMS
  ruby

DEPENDENCIES
  fastercsv
  mysql
  paginator
  rails
  rmagick (= 2.11)
  will_paginate
